PATH
  remote: .
  specs:
    lwnn (0.0.1)

GEM
  remote: https://rubygems.org/
  specs:

PLATFORMS
  ruby

DEPENDENCIES
  lwnn!
